GIT
  remote: https://github.com/aterris/simplecov-shield
  revision: 9ab241d88cf8007e0b3a9d90fda38214d4e07ac6
  specs:
    simplecov-shield (0.1.0)
      httparty
      simplecov

GEM
  remote: https://rubygems.org/
  specs:
    abstract_type (0.0.7)
    adamantium (0.2.0)
      ice_nine (~> 0.11.0)
      memoizable (~> 0.4.0)
    ast (2.4.0)
    concord (0.1.5)
      adamantium (~> 0.2.0)
      equalizer (~> 0.0.9)
    debase (0.2.2)
      debase-ruby_core_source (>= 0.10.2)
    debase-ruby_core_source (0.10.3)
    diff-lcs (1.3)
    docile (1.3.2)
    domain_name (0.5.20180417)
      unf (>= 0.0.5, < 1.0.0)
    equalizer (0.0.11)
    gauge-ruby (0.5.1)
      debase (~> 0.2.2)
      grpc (~> 1.10, >= 1.10.0)
      method_source (~> 0.8.2)
      os (= 0.9.6)
      parser (~> 2.3)
      ruby-debug-ide (~> 0.6.0)
      ruby-protocol-buffers (= 1.5.1)
      unparser (~> 0.2.6)
    google-protobuf (3.6.1)
    googleapis-common-protos-types (1.0.2)
      google-protobuf (~> 3.0)
    grpc (1.15.0)
      google-protobuf (~> 3.1)
      googleapis-common-protos-types (~> 1.0.0)
    http-cookie (1.0.3)
      domain_name (~> 0.5)
    httparty (0.16.2)
      multi_xml (>= 0.5.2)
    ice_nine (0.11.2)
    jaro_winkler (1.5.1)
    json (1.8.6)
    memoizable (0.4.2)
      thread_safe (~> 0.3, >= 0.3.1)
    method_source (0.8.2)
    mime-types (3.2.2)
      mime-types-data (~> 3.2015)
    mime-types-data (3.2018.0812)
    multi_xml (0.6.0)
    netrc (0.11.0)
    os (0.9.6)
    parallel (1.12.1)
    parser (2.5.1.2)
      ast (~> 2.4.0)
    power_assert (1.1.3)
    powerpack (0.1.2)
    procto (0.0.3)
    rainbow (3.0.0)
    rake (12.3.1)
    rest-client (2.0.2)
      http-cookie (>= 1.0.2, < 2.0)
      mime-types (>= 1.16, < 4.0)
      netrc (~> 0.8)
    rubocop (0.59.2)
      jaro_winkler (~> 1.5.1)
      parallel (~> 1.10)
      parser (>= 2.5, != 2.5.1.1)
      powerpack (~> 0.1)
      rainbow (>= 2.2.2, < 4.0)
      ruby-progressbar (~> 1.7)
      unicode-display_width (~> 1.0, >= 1.0.1)
    ruby-debug-ide (0.6.1)
      rake (>= 0.8.1)
    ruby-progressbar (1.10.0)
    ruby-protocol-buffers (1.5.1)
    simplecov (0.17.0)
      docile (~> 1.1)
      json (>= 1.8, < 3)
      simplecov-html (~> 0.10.0)
    simplecov-html (0.10.2)
    test-unit (3.2.8)
      power_assert
    thread_safe (0.3.6)
    unf (0.1.4)
      unf_ext
    unf_ext (0.0.7.5)
    unicode-display_width (1.4.0)
    unparser (0.2.8)
      abstract_type (~> 0.0.7)
      adamantium (~> 0.2.0)
      concord (~> 0.1.5)
      diff-lcs (~> 1.3)
      equalizer (~> 0.0.9)
      parser (>= 2.3.1.2, < 2.6)
      procto (~> 0.0.2)

PLATFORMS
  ruby

DEPENDENCIES
  gauge-ruby (~> 0.5.1)
  json (~> 1.8.0)
  rest-client (~> 2.0.2)
  rubocop (~> 0.59.2)
  simplecov (~> 0.17.0)
  simplecov-shield!
  test-unit (~> 3.2.8)

BUNDLED WITH
   1.16.1
